PATH
  remote: .
  specs:
    apt-spy2 (0.6.0)
      colored (>= 1.2)
      json
      nokogiri (>= 1.6, < 1.11)
      thor (>= 0.18.1)

GEM
  remote: https://rubygems.org/
  specs:
    colored (1.2)
    coveralls (0.8.23)
      json (>= 1.8, < 3)
      simplecov (~> 0.16.1)
      term-ansicolor (~> 1.3)
      thor (>= 0.19.4, < 2.0)
      tins (~> 1.6)
    docile (1.3.2)
    json (2.2.0)
    mini_portile2 (2.4.0)
    minitest (5.13.0)
    nokogiri (1.10.7)
      mini_portile2 (~> 2.4.0)
    rake (13.0.1)
    simplecov (0.16.1)
      docile (~> 1.1)
      json (>= 1.8, < 3)
      simplecov-html (~> 0.10.0)
    simplecov-html (0.10.2)
    term-ansicolor (1.7.1)
      tins (~> 1.0)
    thor (0.20.3)
    tins (1.21.1)

PLATFORMS
  ruby

DEPENDENCIES
  apt-spy2!
  bundler (~> 2.0)
  coveralls
  minitest (~> 5.13.0)
  rake

BUNDLED WITH
   2.0.2
