PATH
  remote: .
  specs:
    apt-spy2 (0.5.1)
      colored (>= 1.2)
      json
      nokogiri (~> 1.6.0)
      thor (>= 0.18.1)

GEM
  remote: https://rubygems.org/
  specs:
    colored (1.2)
    coveralls (0.7.0)
      multi_json (~> 1.3)
      rest-client
      simplecov (>= 0.7)
      term-ansicolor
      thor
    json (1.8.0)
    mime-types (1.25)
    mini_portile (0.5.1)
    minitest (5.0.8)
    multi_json (1.8.0)
    nokogiri (1.6.0)
      mini_portile (~> 0.5.0)
    rake (10.1.0)
    rest-client (1.6.7)
      mime-types (>= 1.16)
    simplecov (0.7.1)
      multi_json (~> 1.0)
      simplecov-html (~> 0.7.1)
    simplecov-html (0.7.1)
    term-ansicolor (1.2.2)
      tins (~> 0.8)
    thor (0.18.1)
    tins (0.11.0)

PLATFORMS
  ruby

DEPENDENCIES
  apt-spy2!
  bundler (~> 1.3)
  coveralls
  minitest (~> 5.0.8)
  rake
