PATH
  remote: .
  specs:
    apt-spy2 (0.8.0)
      colored (>= 1.2)
      json
      nokogiri (~> 1.14.1)
      thor (>= 0.18.1)

GEM
  remote: https://rubygems.org/
  specs:
    colored (1.2)
    docile (1.4.0)
    json (2.6.3)
    mini_portile2 (2.8.1)
    minitest (5.15.0)
    nokogiri (1.14.1)
      mini_portile2 (~> 2.8.0)
      racc (~> 1.4)
    racc (1.6.2)
    rake (13.0.6)
    simplecov (0.21.2)
      docile (~> 1.1)
      simplecov-html (~> 0.11)
      simplecov_json_formatter (~> 0.1)
    simplecov-html (0.12.3)
    simplecov-lcov (0.8.0)
    simplecov_json_formatter (0.1.3)
    thor (1.2.1)

PLATFORMS
  ruby

DEPENDENCIES
  apt-spy2!
  bundler (~> 2.0)
  minitest (~> 5.15.0)
  rake
  simplecov (~> 0.18)
  simplecov-lcov (~> 0.8.0)

BUNDLED WITH
   2.2.32
