PATH
  remote: .
  specs:
    apt-spy2 (0.5.0)
      colored (>= 1.2)
      json
      nokogiri (~> 1.6.0)
      thor (>= 0.18.1)

GEM
  remote: https://rubygems.org/
  specs:
    colored (1.2)
    json (1.8.0)
    mini_portile (0.5.1)
    minitest (5.0.8)
    nokogiri (1.6.0)
      mini_portile (~> 0.5.0)
    rake (10.1.0)
    thor (0.18.1)

PLATFORMS
  ruby

DEPENDENCIES
  apt-spy2!
  bundler (~> 1.3)
  minitest (~> 5.0.8)
  rake
